PATH
  remote: .
  specs:
    erroneous-api (0.0.2)
      ey_api_hmac
      json

GEM
  remote: http://rubygems.org/
  specs:
    colored (1.2)
    diff-lcs (1.1.3)
    ey_api_hmac (0.4.7)
      json
      rack-client
      rack-idempotent (>= 0.0.3)
    json (1.7.4)
    rack (1.4.1)
    rack-client (0.4.0)
      rack (>= 1.0.0)
    rack-idempotent (0.0.3)
    rack-protection (1.2.0)
      rack
    request_visualizer (0.0.3)
      colored
    rspec (2.11.0)
      rspec-core (~> 2.11.0)
      rspec-expectations (~> 2.11.0)
      rspec-mocks (~> 2.11.0)
    rspec-core (2.11.1)
    rspec-expectations (2.11.2)
      diff-lcs (~> 1.1.3)
    rspec-mocks (2.11.1)
    sinatra (1.3.2)
      rack (~> 1.3, >= 1.3.6)
      rack-protection (~> 1.2)
      tilt (~> 1.3, >= 1.3.3)
    tilt (1.3.3)

PLATFORMS
  ruby

DEPENDENCIES
  erroneous-api!
  request_visualizer
  rspec
  sinatra
